GEM
  remote: http://rubygems.org/
  specs:
    cri (2.0.2)
    nanoc3 (3.2.2)
      cri (~> 2.0)

PLATFORMS
  ruby

DEPENDENCIES
  nanoc3 (~> 3.2)
