GEM
  remote: http://rubygems.org/
  specs:
    adsf (1.0.1)
      rack (>= 1.0.0)
    cri (2.0.2)
    i18n (0.6.0)
    mime-types (1.16)
    nanoc (3.2.2)
      nanoc3 (>= 3.2.2)
    nanoc-filesystem-i18n (0.1.0)
      i18n
      nanoc (>= 3.1.2)
    nanoc3 (3.2.2)
      cri (~> 2.0)
    psych (1.2.1)
    rack (1.3.2)

PLATFORMS
  ruby

DEPENDENCIES
  adsf
  mime-types
  nanoc-filesystem-i18n
  nanoc3 (~> 3.2)
  psych
  rack
